PATH
  remote: .
  specs:
    RubyApp (0.2.1)
      BlueCloth
      chronic
      chronic_duration
      facets
      fileutils
      haml
      json
      mime-types
      r18n-core
      rack
      ruby-event
      ruby-openid
      sass
      term-ansicolor
      yajl-ruby

GEM
  remote: http://rubygems.org/
  specs:
    BlueCloth (1.0.1)
    addressable (2.2.7)
    builder (3.0.0)
    capybara (1.1.2)
      mime-types (>= 1.16)
      nokogiri (>= 1.3.3)
      rack (>= 1.0.0)
      rack-test (>= 0.5.4)
      selenium-webdriver (~> 2.0)
      xpath (~> 0.1.4)
    childprocess (0.3.1)
      ffi (~> 1.0.6)
    chronic (0.6.7)
    chronic_duration (0.9.6)
      numerizer (~> 0.1.1)
    cucumber (1.1.9)
      builder (>= 2.1.2)
      diff-lcs (>= 1.1.2)
      gherkin (~> 2.9.0)
      json (>= 1.4.6)
      term-ansicolor (>= 1.0.6)
    diff-lcs (1.1.3)
    facets (2.9.3)
    ffi (1.0.11)
    fileutils (0.7)
      rmagick (>= 2.13.1)
    gherkin (2.9.1)
      json (>= 1.4.6)
    haml (3.1.4)
    json (1.6.5)
    launchy (2.1.0)
      addressable (~> 2.2.6)
    mime-types (1.17.2)
    multi_json (1.1.0)
    nokogiri (1.5.2)
    numerizer (0.1.1)
    r18n-core (0.4.14)
    rack (1.4.1)
    rack-test (0.6.1)
      rack (>= 1.0)
    rake (0.9.2.2)
    rmagick (2.13.1)
    rspec (2.9.0)
      rspec-core (~> 2.9.0)
      rspec-expectations (~> 2.9.0)
      rspec-mocks (~> 2.9.0)
    rspec-core (2.9.0)
    rspec-expectations (2.9.0)
      diff-lcs (~> 1.1.3)
    rspec-mocks (2.9.0)
    ruby-event (1.0.0)
    ruby-openid (2.1.8)
    rubyzip (0.9.6.1)
    sass (3.1.15)
    selenium-webdriver (2.20.0)
      childprocess (>= 0.2.5)
      ffi (~> 1.0)
      multi_json (~> 1.0)
      rubyzip
    term-ansicolor (1.0.7)
    xpath (0.1.4)
      nokogiri (~> 1.3)
    yajl-ruby (1.1.0)

PLATFORMS
  ruby

DEPENDENCIES
  RubyApp!
  capybara
  cucumber
  launchy
  rake
  rspec
  rspec-mocks
