PATH
  remote: .
  specs:
    RubyApp (0.0.18)
      BlueCloth
      chronic
      chronic_duration
      facets
      fileutils
      haml
      json
      mime-types
      r18n-core
      rack
      ruby-event
      ruby-openid
      sass
      term-ansicolor
      yajl-ruby

GEM
  remote: http://rubygems.org/
  specs:
    BlueCloth (1.0.1)
    addressable (2.2.6)
    builder (3.0.0)
    capybara (1.1.2)
      mime-types (>= 1.16)
      nokogiri (>= 1.3.3)
      rack (>= 1.0.0)
      rack-test (>= 0.5.4)
      selenium-webdriver (~> 2.0)
      xpath (~> 0.1.4)
    childprocess (0.2.3)
      ffi (~> 1.0.6)
    chronic (0.6.6)
    chronic_duration (0.9.6)
      numerizer (~> 0.1.1)
    cucumber (1.1.3)
      builder (>= 2.1.2)
      diff-lcs (>= 1.1.2)
      gherkin (~> 2.6.7)
      json (>= 1.4.6)
      term-ansicolor (>= 1.0.6)
    diff-lcs (1.1.3)
    facets (2.9.2)
    ffi (1.0.11)
    fileutils (0.7)
      rmagick (>= 2.13.1)
    gherkin (2.6.9)
      json (>= 1.4.6)
    haml (3.1.4)
    json (1.6.3)
    launchy (2.0.5)
      addressable (~> 2.2.6)
    mime-types (1.17.2)
    multi_json (1.0.4)
    nokogiri (1.5.0)
    numerizer (0.1.1)
    r18n-core (0.4.12)
    rack (1.3.5)
    rack-test (0.6.1)
      rack (>= 1.0)
    rake (0.9.2.2)
    rmagick (2.13.1)
    rspec (2.7.0)
      rspec-core (~> 2.7.0)
      rspec-expectations (~> 2.7.0)
      rspec-mocks (~> 2.7.0)
    rspec-core (2.7.1)
    rspec-expectations (2.7.0)
      diff-lcs (~> 1.1.2)
    rspec-mocks (2.7.0)
    ruby-event (1.0.0)
    ruby-openid (2.1.8)
    rubyzip (0.9.5)
    sass (3.1.11)
    selenium-webdriver (2.14.0)
      childprocess (>= 0.2.1)
      ffi (~> 1.0.9)
      multi_json (~> 1.0.4)
      rubyzip
    term-ansicolor (1.0.7)
    xpath (0.1.4)
      nokogiri (~> 1.3)
    ya2yaml (0.30)
    yajl-ruby (1.1.0)

PLATFORMS
  ruby

DEPENDENCIES
  RubyApp!
  capybara
  cucumber
  launchy
  rake
  rspec
  rspec-mocks
  ya2yaml
